GEM
  remote: https://artifactory.roving.com/artifactory/api/gems/gems/
  specs:
    activesupport (4.2.4)
      i18n (~> 0.7)
      json (~> 1.7, >= 1.7.7)
      minitest (~> 5.1)
      thread_safe (~> 0.3, >= 0.3.4)
      tzinfo (~> 1.1)
    archive-tar-minitar (0.5.2)
    i18n (0.7.0)
    jenkins_api_client (1.0.1)
      json
      mixlib-shellout (>= 1.1.0)
      nokogiri (~> 1.6.0)
      terminal-table (>= 1.4.0)
      thor (>= 0.16.0)
    jenkins_pipeline_builder (0.12.4)
      activesupport
      archive-tar-minitar
      jenkins_api_client (~> 1.0.0)
      nokogiri (~> 1.6.0)
      thor (>= 0.18.0)
    json (1.8.3)
    mini_portile (0.6.2)
    minitest (5.8.2)
    mixlib-shellout (2.2.3)
    nokogiri (1.6.6.2)
      mini_portile (~> 0.6.0)
    terminal-table (1.5.2)
    thor (0.19.1)
    thread_safe (0.3.5)
    tzinfo (1.2.2)
      thread_safe (~> 0.1)

PLATFORMS
  ruby

DEPENDENCIES
  jenkins_pipeline_builder (~> 0.12.4)
